GEM
  remote: https://rubygems.org/
  specs:
    faraday (0.15.2)
      multipart-post (>= 1.2, < 3)
    faraday_middleware (0.12.2)
      faraday (>= 0.7.4, < 1.0)
    mini_portile2 (2.3.0)
    multipart-post (2.0.0)
    nokogiri (1.8.4)
      mini_portile2 (~> 2.3.0)
    nokogiri (1.8.4-java)
    oj (3.6.4)

PLATFORMS
  java
  ruby

DEPENDENCIES
  faraday
  faraday_middleware
  nokogiri
  oj

BUNDLED WITH
   1.16.2
